GIT
  remote: git://github.com/sosedoff/capistrano-unicorn
  revision: dc49187df68e92bc04b7b0fa42da1e24f70d69f5
  specs:
    capistrano-unicorn (0.1.7)
      capistrano

GEM
  remote: http://rubygems.org/
  specs:
    actionmailer (3.2.13)
      actionpack (= 3.2.13)
      mail (~> 2.5.3)
    actionpack (3.2.13)
      activemodel (= 3.2.13)
      activesupport (= 3.2.13)
      builder (~> 3.0.0)
      erubis (~> 2.7.0)
      journey (~> 1.0.4)
      rack (~> 1.4.5)
      rack-cache (~> 1.2)
      rack-test (~> 0.6.1)
      sprockets (~> 2.2.1)
    active_attr (0.6.0)
      activemodel (>= 3.0.2, < 4.1)
      activesupport (>= 3.0.2, < 4.1)
    activemodel (3.2.13)
      activesupport (= 3.2.13)
      builder (~> 3.0.0)
    activerecord (3.2.13)
      activemodel (= 3.2.13)
      activesupport (= 3.2.13)
      arel (~> 3.0.2)
      tzinfo (~> 0.3.29)
    activeresource (3.2.13)
      activemodel (= 3.2.13)
      activesupport (= 3.2.13)
    activesupport (3.2.13)
      i18n (= 0.6.1)
      multi_json (~> 1.0)
    airbrake (3.1.6)
      builder
      girl_friday
    akami (1.2.0)
      gyoku (>= 0.4.0)
      nokogiri (>= 1.4.0)
    arel (3.0.2)
    attribute_normalizer (1.1.0)
    backports (2.6.7)
    bond (0.4.3)
    brakeman (1.9.2)
      erubis (~> 2.6)
      fastercsv (~> 1.5)
      haml (~> 3.0)
      highline (~> 1.6)
      multi_json (~> 1.2)
      ruby2ruby (~> 2.0)
      ruby_parser (~> 3.1.1)
      sass (~> 3.0)
      terminal-table (~> 1.4)
    builder (3.0.4)
    capistrano (2.14.2)
      highline
      net-scp (>= 1.0.0)
      net-sftp (>= 2.0.0)
      net-ssh (>= 2.0.14)
      net-ssh-gateway (>= 1.1.0)
    capistrano-db-tasks (0.2)
    capistrano-ext (1.2.1)
      capistrano (>= 1.0.0)
    chronic (0.6.7)
    chunky_png (1.2.7)
    columnize (0.3.6)
    compass (0.12.2)
      chunky_png (~> 1.2)
      fssm (>= 0.2.7)
      sass (~> 3.1)
    compass-rails (1.0.3)
      compass (>= 0.12.2, < 0.14)
    configliere (0.4.17)
      highline (>= 1.5.2)
      multi_json (>= 1.1)
    connection_pool (0.9.2)
    debugger (1.5.0)
      columnize (>= 0.3.1)
      debugger-linecache (~> 1.2.0)
      debugger-ruby_core_source (~> 1.2.0)
    debugger-completion (1.0.0)
      bond (>= 0.4.2)
      debugger (~> 1.1)
    debugger-linecache (1.2.0)
    debugger-ruby_core_source (1.2.0)
    descendants_tracker (0.0.1)
    enumerize (0.5.1)
      activesupport (>= 3.2)
    erubis (2.7.0)
    execjs (1.4.0)
      multi_json (~> 1.0)
    fastercsv (1.5.5)
    fssm (0.2.10)
    girl_friday (0.10.0)
      connection_pool (~> 0.9.0)
    grape (0.4.0)
      activesupport
      builder
      hashie (>= 1.2.0)
      multi_json (>= 1.3.2)
      multi_xml (>= 0.5.2)
      rack (>= 1.3.0)
      rack-accept
      rack-mount
      virtus
    gyoku (0.4.6)
      builder (>= 2.1.2)
    haml (3.1.8)
    hashie (2.0.3)
    highline (1.6.15)
    hike (1.2.1)
    httpclient (2.3.0.1)
    httpi (1.1.1)
      rack
    i18n (0.6.1)
    journey (1.0.4)
    jquery-rails (2.1.3)
      railties (>= 3.1.0, < 5.0)
      thor (~> 0.14)
    json (1.7.7)
    kgio (2.7.4)
    mail (2.5.3)
      i18n (>= 0.4.0)
      mime-types (~> 1.16)
      treetop (~> 1.4.8)
    mime-types (1.21)
    multi_json (1.7.1)
    multi_xml (0.5.3)
    net-scp (1.1.0)
      net-ssh (>= 2.6.5)
    net-sftp (2.1.1)
      net-ssh (>= 2.6.5)
    net-ssh (2.6.6)
    net-ssh-gateway (1.2.0)
      net-ssh (>= 2.6.5)
    nokogiri (1.5.5)
    nori (1.1.3)
    openteam-capistrano (0.0.8)
      capistrano-db-tasks
      capistrano-ext
      capistrano-unicorn
      rvm-capistrano
    openteam-commons (0.2.3)
      airbrake
      configliere
      rails
      unicorn
      whenever
    polyglot (0.3.3)
    rack (1.4.5)
    rack-accept (0.4.5)
      rack (>= 0.4)
    rack-cache (1.2)
      rack (>= 0.4)
    rack-mount (0.8.3)
      rack (>= 1.0.0)
    rack-ssl (1.3.3)
      rack
    rack-test (0.6.2)
      rack (>= 1.0)
    rails (3.2.13)
      actionmailer (= 3.2.13)
      actionpack (= 3.2.13)
      activerecord (= 3.2.13)
      activeresource (= 3.2.13)
      activesupport (= 3.2.13)
      bundler (~> 1.0)
      railties (= 3.2.13)
    railties (3.2.13)
      actionpack (= 3.2.13)
      activesupport (= 3.2.13)
      rack-ssl (~> 1.3.2)
      rake (>= 0.8.7)
      rdoc (~> 3.4)
      thor (>= 0.14.6, < 2.0)
    raindrops (0.10.0)
    rake (10.0.3)
    rdoc (3.12.2)
      json (~> 1.4)
    ruby2ruby (2.0.3)
      ruby_parser (~> 3.1)
      sexp_processor (~> 4.0)
    ruby_parser (3.1.1)
      sexp_processor (~> 4.1)
    russian (0.6.0)
      i18n (>= 0.5.0)
    rvm-capistrano (1.2.7)
      capistrano (>= 2.0.0)
    sass (3.2.6)
    sass-rails (3.2.5)
      railties (~> 3.2.0)
      sass (>= 3.1.10)
      tilt (~> 1.3)
    savon (1.2.0)
      akami (~> 1.2.0)
      builder (>= 2.1.2)
      gyoku (~> 0.4.5)
      httpi (~> 1.1.0)
      nokogiri (>= 1.4.0)
      nori (~> 1.1.0)
      wasabi (~> 2.5.0)
    sexp_processor (4.1.5)
    show_for (0.2.5)
      actionpack (~> 3.0)
      activemodel (~> 3.0)
    simple_form (2.0.4)
      actionpack (~> 3.0)
      activemodel (~> 3.0)
    sprockets (2.2.2)
      hike (~> 1.2)
      multi_json (~> 1.0)
      rack (~> 1.0)
      tilt (~> 1.1, != 1.3.0)
    terminal-table (1.4.5)
    thor (0.17.0)
    tilt (1.3.6)
    treetop (1.4.12)
      polyglot
      polyglot (>= 0.3.1)
    turbo-sprockets-rails3 (0.3.6)
      railties (> 3.2.8, < 4.0.0)
      sprockets (>= 2.0.0)
    tzinfo (0.3.37)
    uglifier (1.3.0)
      execjs (>= 0.3.0)
      multi_json (~> 1.0, >= 1.0.2)
    unicorn (4.4.0)
      kgio (~> 2.6)
      rack
      raindrops (~> 0.7)
    virtus (0.5.4)
      backports (~> 2.6.1)
      descendants_tracker (~> 0.0.1)
    wasabi (2.5.1)
      httpi (~> 1.0)
      nokogiri (>= 1.4.0)
    whenever (0.7.3)
      activesupport (>= 2.3.4)
      chronic (~> 0.6.3)

PLATFORMS
  ruby

DEPENDENCIES
  active_attr
  attribute_normalizer
  brakeman
  capistrano-unicorn!
  compass-rails
  debugger
  debugger-completion
  enumerize
  grape
  httpclient
  jquery-rails
  openteam-capistrano
  openteam-commons
  rails (~> 3.2.13)
  russian
  sass-rails
  savon
  show_for
  simple_form
  turbo-sprockets-rails3
  uglifier
  unicorn
